{
	"Modality": "MR",
	"MagneticFieldStrength": 3,
	"ImagingFrequency": 123.25,
	"Manufacturer": "Siemens",
	"ManufacturersModelName": "TrioTim",
	"InstitutionName": "IUGM",
	"InstitutionalDepartmentName": "Department",
	"InstitutionAddress": "Chemin Queen-Mary 4565,Montreal,District,CA,H3W 1W5",
	"DeviceSerialNumber": "35049",
	"StationName": "MRC35049",
	"PatientPosition": "HFS",
	"ProcedureStepDescription": "Development^jcohen",
	"SoftwareVersions": "syngo MR B17",
	"MRAcquisitionType": "3D",
	"SeriesDescription": "SPINE_T1",
	"ProtocolName": "SPINE",
	"ScanningSequence": "GR\\IR",
	"SequenceVariant": "SP\\MP",
	"ScanOptions": "IR",
	"SequenceName": "tfl3d3",
	"ImageType": ["DERIVED", "SECONDARY", "OTHER", "MEAN", "DIS3D", "DIS2D", "COMP", "SP", "COMPOSED"],
	"RawImage": false,
	"SeriesNumber": 30,
	"AcquisitionTime": "09:24:26.157500",
	"AcquisitionNumber": 1,
	"SliceThickness": 1,
	"SAR": 0.0794027,
	"NumberOfAverages": 3,
	"EchoTime": 0.00209,
	"RepetitionTime": 2.23,
	"InversionTime": 1.1,
	"FlipAngle": 7,
	"PartialFourier": 1,
	"BaseResolution": 384,
	"ShimSetting": [
		-1941,
		-14491,
		-16495,
		-178,
		-40,
		25,
		131,
		9	],
	"TxRefAmp": 360.481,
	"PhaseResolution": 1,
	"ReceiveCoilName": "NeckMatrix",
	"CoilString": "t:HEA;HEP;NE1,2;SP1",
	"PulseSequenceDetails": "%CustomerSeq%\\Andre\\tfl_mgh_multiecho",
	"RefLinesPE": 32,
	"CoilCombinationMethod": "Adaptive Combine",
	"MatrixCoilMode": "GRAPPA",
	"PercentPhaseFOV": 68.75,
	"PercentSampling": 100,
	"PhaseEncodingSteps": 263,
	"AcquisitionMatrixPE": 264,
	"ReconMatrixPE": 271,
	"ParallelReductionFactorInPlane": 2,
	"PixelBandwidth": 651,
	"DwellTime": 2e-06,
	"ImageOrientationPatientDICOM": [
		0,
		1,
		0,
		0,
		0,
		-1	],
	"ImageOrientationText": "Sag",
	"InPlanePhaseEncodingDirectionDICOM": "ROW",
	"ConversionSoftware": "dcm2niix",
	"ConversionSoftwareVersion": "v1.0.20211006"
}
