{
	"Modality": "MR",
	"MagneticFieldStrength": 3,
	"ImagingFrequency": 123.197,
	"Manufacturer": "Siemens",
	"ManufacturersModelName": "Verio",
	"InstitutionName": "CEMEREM",
	"InstitutionalDepartmentName": "CEMEREM",
	"InstitutionAddress": "RUE ST PIERRE 264 ,MARSEILLE...A0312D...,District,FR,13006",
	"DeviceSerialNumber": "40146",
	"StationName": "MRC40146",
	"PatientPosition": "HFS",
	"ProcedureStepDescription": "TEST_VC^SPINE",
	"SoftwareVersions": "syngo MR B17",
	"MRAcquisitionType": "3D",
	"SeriesDescription": "SC_tse_spc_1mm_3palliers_fov256_nopat_COMP_SP_-7",
	"ProtocolName": "SC_tse_spc_1mm_3palliers_fov256_nopat_3",
	"ScanningSequence": "SE",
	"SequenceVariant": "SK\\SP\\OSP",
	"ScanOptions": "PFP",
	"SequenceName": "*spcR3d1_103",
	"ImageType": ["ORIGINAL", "PRIMARY", "M", "NORM", "DIS2D", "COMP", "SP", "COMPOSED"],
	"SeriesNumber": 33,
	"AcquisitionTime": "15:30:37.265000",
	"AcquisitionNumber": 1,
	"SliceThickness": 1,
	"SpacingBetweenSlices": 1,
	"SAR": 1.99189,
	"NumberOfAverages": 2,
	"EchoTime": 0.124,
	"RepetitionTime": 1.5,
	"SpoilingState": true,
	"FlipAngle": 110,
	"AveragesDouble": 1.4,
	"PartialFourier": 1,
	"BaseResolution": 256,
	"ShimSetting": [
		-5978,
		12980,
		-12137,
		-5,
		10,
		34,
		258,
		-49	],
	"TxRefAmp": 437.389,
	"PhaseResolution": 1.0098,
	"PhaseOversampling": 0.197917,
	"ReceiveCoilName": "NeckMatrix",
	"CoilString": "C:HEA;HEP;NE1,2",
	"PulseSequenceDetails": "%SiemensSeq%\\tse_vfl",
	"CoilCombinationMethod": "Adaptive Combine",
	"MatrixCoilMode": "SENSE",
	"PercentPhaseFOV": 100,
	"PercentSampling": 100.98,
	"EchoTrainLength": 103,
	"PhaseEncodingSteps": 237,
	"AcquisitionMatrixPE": 259,
	"ReconMatrixPE": 621,
	"PixelBandwidth": 610,
	"DwellTime": 3.2e-06,
	"PhaseEncodingDirection": "j-",
	"ImageOrientationPatientDICOM": [
		0,
		1,
		-2.05103e-10,
		0,
		-2.05103e-10,
		-1	],
	"ImageOrientationText": "Sag",
	"InPlanePhaseEncodingDirectionDICOM": "COL",
	"ConversionSoftware": "dcm2niix",
	"ConversionSoftwareVersion": "v1.0.20211006"
}
