{
	"Modality": "MR",
	"MagneticFieldStrength": 3,
	"ImagingFrequency": 123.197,
	"Manufacturer": "Siemens",
	"ManufacturersModelName": "Verio",
	"InstitutionName": "CEMEREM",
	"InstitutionalDepartmentName": "CEMEREM",
	"InstitutionAddress": "RUE ST PIERRE 264 ,MARSEILLE...A0312D...,District,FR,13006",
	"DeviceSerialNumber": "40146",
	"StationName": "MRC40146",
	"PatientPosition": "HFS",
	"ProcedureStepDescription": "TEST_VC^SPINE",
	"SoftwareVersions": "syngo MR B17",
	"MRAcquisitionType": "3D",
	"SeriesDescription": "SC_MPRAGE_1mm_2palliers_fov384_COMP_SP_-29",
	"ProtocolName": "SC_MPRAGE_1mm_2palliers_fov384_2",
	"ScanningSequence": "GR\\IR",
	"SequenceVariant": "SP\\MP",
	"ScanOptions": "IR",
	"SequenceName": "*tfl3d1",
	"ImageType": ["ORIGINAL", "PRIMARY", "M", "NORM", "DIS2D", "COMP", "SP", "COMPOSED"],
	"SeriesNumber": 7,
	"AcquisitionTime": "11:20:25.195000",
	"AcquisitionNumber": 1,
	"SliceThickness": 1,
	"SpacingBetweenSlices": 1,
	"SAR": 0.344982,
	"EchoTime": 0.00302,
	"RepetitionTime": 1.9,
	"InversionTime": 0.9,
	"FlipAngle": 9,
	"PartialFourier": 1,
	"BaseResolution": 384,
	"ShimSetting": [
		-5978,
		12980,
		-12137,
		-5,
		10,
		34,
		258,
		-49	],
	"TxRefAmp": 468.955,
	"PhaseResolution": 1,
	"ReceiveCoilName": "NeckMatrix",
	"CoilString": "T:HEA;HEP;NE1,2;SP1",
	"PulseSequenceDetails": "%SiemensSeq%\\tfl",
	"RefLinesPE": 24,
	"CoilCombinationMethod": "Adaptive Combine",
	"MatrixCoilMode": "GRAPPA",
	"PercentPhaseFOV": 68.75,
	"PercentSampling": 100,
	"PhaseEncodingSteps": 263,
	"AcquisitionMatrixPE": 264,
	"ReconMatrixPE": 265,
	"ParallelReductionFactorInPlane": 2,
	"PixelBandwidth": 169,
	"DwellTime": 7.7e-06,
	"ImageOrientationPatientDICOM": [
		0,
		1,
		0,
		0,
		0,
		-1	],
	"ImageOrientationText": "Sag",
	"InPlanePhaseEncodingDirectionDICOM": "ROW",
	"ConversionSoftware": "dcm2niix",
	"ConversionSoftwareVersion": "v1.0.20211006"
}
