{
	"Modality": "MR",
	"MagneticFieldStrength": 3,
	"ImagingFrequency": 123.25,
	"Manufacturer": "Siemens",
	"ManufacturersModelName": "TrioTim",
	"InstitutionName": "IUGM",
	"InstitutionalDepartmentName": "Department",
	"InstitutionAddress": "Chemin Queen-Mary 4565,Montreal,District,CA,H3W 1W5",
	"DeviceSerialNumber": "35049",
	"StationName": "MRC35049",
	"PatientPosition": "HFS",
	"ProcedureStepDescription": "Development^jcohen",
	"SoftwareVersions": "syngo MR B17",
	"MRAcquisitionType": "3D",
	"SeriesDescription": "SPINE_T2",
	"ProtocolName": "SPINE",
	"ScanningSequence": "SE",
	"SequenceVariant": "SK\\SP\\OSP",
	"ScanOptions": "PFP",
	"SequenceName": "*spcR3d1_61",
	"ImageType": ["DERIVED", "SECONDARY", "M", "NORM", "DIS2D", "COMP", "SP", "COMPOSED"],
	"RawImage": false,
	"SeriesNumber": 26,
	"AcquisitionTime": "16:37:19.165000",
	"AcquisitionNumber": 1,
	"SliceThickness": 1,
	"SAR": 0.645665,
	"NumberOfAverages": 2,
	"EchoTime": 0.119,
	"RepetitionTime": 1.5,
	"SpoilingState": true,
	"FlipAngle": 130,
	"AveragesDouble": 1.4,
	"PartialFourier": 1,
	"BaseResolution": 384,
	"ShimSetting": [
		-1941,
		-14491,
		-16495,
		-178,
		-40,
		25,
		131,
		9	],
	"TxRefAmp": 352.747,
	"PhaseResolution": 1.04545,
	"PhaseOversampling": 0.203704,
	"ReceiveCoilName": "NeckMatrix",
	"CoilString": "T:HEA;HEP;NE1,2;SP1",
	"PulseSequenceDetails": "%SiemensSeq%\\tse_vfl",
	"RefLinesPE": 33,
	"CoilCombinationMethod": "Adaptive Combine",
	"MatrixCoilMode": "GRAPPA",
	"PercentPhaseFOV": 100,
	"PercentSampling": 104.546,
	"EchoTrainLength": 61,
	"PhaseEncodingSteps": 464,
	"AcquisitionMatrixPE": 401,
	"ReconMatrixPE": 719,
	"ParallelReductionFactorInPlane": 3,
	"PixelBandwidth": 723,
	"DwellTime": 1.8e-06,
	"PhaseEncodingDirection": "j-",
	"ImageOrientationPatientDICOM": [
		0,
		1,
		-2.05103e-10,
		0,
		-2.05103e-10,
		-1	],
	"ImageOrientationText": "Sag",
	"InPlanePhaseEncodingDirectionDICOM": "COL",
	"ConversionSoftware": "dcm2niix",
	"ConversionSoftwareVersion": "v1.0.20211006"
}
