{
	"Modality": "MR",
	"MagneticFieldStrength": 3,
	"ImagingFrequency": 123.249,
	"Manufacturer": "Siemens",
	"ManufacturersModelName": "TrioTim",
	"InstitutionName": "IUGM",
	"InstitutionalDepartmentName": "Department",
	"InstitutionAddress": "Chemin Queen-Mary 4565,Montreal,District,CA,H3W 1W5",
	"DeviceSerialNumber": "35049",
	"StationName": "MRC35049",
	"PatientPosition": "HFS",
	"ProcedureStepDescription": "Development^jcohen",
	"SoftwareVersions": "syngo MR B17",
	"MRAcquisitionType": "3D",
	"SeriesDescription": "SPINE_SPACE",
	"ProtocolName": "SPINE",
	"ScanningSequence": "SE",
	"SequenceVariant": "SK\\SP\\OSP",
	"ScanOptions": "PFP",
	"SequenceName": "*spcR3d1_61",
	"ImageType": ["DERIVED", "SECONDARY", "M", "NORM", "DIS2D", "COMP", "SP", "COMPOSED"],
	"RawImage": false,
	"SeriesNumber": 20,
	"AcquisitionTime": "16:41:40.765000",
	"AcquisitionNumber": 1,
	"SliceThickness": 1,
	"SAR": 0.629625,
	"NumberOfAverages": 2,
	"EchoTime": 0.119,
	"RepetitionTime": 1.5,
	"SpoilingState": true,
	"FlipAngle": 140,
	"AveragesDouble": 1.4,
	"PartialFourier": 1,
	"BaseResolution": 384,
	"ShimSetting": [
		-1913,
		-14905,
		-16191,
		-44,
		163,
		190,
		566,
		244	],
	"TxRefAmp": 359.534,
	"PhaseResolution": 1.04545,
	"PhaseOversampling": 0.203704,
	"ReceiveCoilName": "NeckMatrix",
	"CoilString": "T:HEA;HEP;NE1,2;SP1",
	"PulseSequenceDetails": "%SiemensSeq%\\tse_vfl",
	"RefLinesPE": 33,
	"CoilCombinationMethod": "Adaptive Combine",
	"MatrixCoilMode": "GRAPPA",
	"PercentPhaseFOV": 100,
	"PercentSampling": 104.546,
	"EchoTrainLength": 61,
	"PhaseEncodingSteps": 464,
	"AcquisitionMatrixPE": 401,
	"ReconMatrixPE": 651,
	"ParallelReductionFactorInPlane": 3,
	"PixelBandwidth": 723,
	"DwellTime": 1.8e-06,
	"PhaseEncodingDirection": "j-",
	"ImageOrientationPatientDICOM": [
		-0.00273861,
		0.999996,
		-2.81091e-11,
		-0.0190012,
		-5.20369e-05,
		-0.999819	],
	"ImageOrientationText": "Sag>Tra(1.1)>Cor(-0.2)",
	"InPlanePhaseEncodingDirectionDICOM": "COL",
	"ConversionSoftware": "dcm2niix",
	"ConversionSoftwareVersion": "v1.0.20211006"
}
