{
	"Modality": "MR",
	"MagneticFieldStrength": 3,
	"ImagingFrequency": 123.25,
	"Manufacturer": "Siemens",
	"ManufacturersModelName": "TrioTim",
	"InstitutionName": "IUGM",
	"InstitutionalDepartmentName": "Department",
	"InstitutionAddress": "Chemin Queen-Mary 4565,Montreal,District,CA,H3W 1W5",
	"DeviceSerialNumber": "35049",
	"StationName": "MRC35049",
	"PatientPosition": "HFS",
	"ProcedureStepDescription": "Development^jcohen",
	"SoftwareVersions": "syngo MR B17",
	"MRAcquisitionType": "3D",
	"SeriesDescription": "SPINE_T1",
	"ProtocolName": "SPINE",
	"ScanningSequence": "GR\\IR",
	"SequenceVariant": "SP\\MP\\OSP",
	"ScanOptions": "IR",
	"SequenceName": "*tfl3d1",
	"ImageType": ["DERIVED", "SECONDARY", "M", "DIS3D", "DIS2D", "NORM", "COMP", "SP", "COMPOSED"],
	"RawImage": false,
	"SeriesNumber": 22,
	"AcquisitionTime": "11:09:18.850000",
	"AcquisitionNumber": 1,
	"SliceThickness": 1,
	"SAR": 0.131192,
	"EchoTime": 0.00302,
	"RepetitionTime": 1.9,
	"InversionTime": 0.9,
	"FlipAngle": 9,
	"PartialFourier": 1,
	"BaseResolution": 384,
	"ShimSetting": [
		-1925,
		-14888,
		-16500,
		18,
		-20,
		20,
		15,
		21	],
	"TxRefAmp": 360.747,
	"PhaseResolution": 0.96,
	"ReceiveCoilName": "SpineMatrix",
	"CoilString": "T:HEA;HEP;NE1,2;SP1-3",
	"PulseSequenceDetails": "%SiemensSeq%\\tfl",
	"RefLinesPE": 24,
	"CoilCombinationMethod": "Adaptive Combine",
	"MatrixCoilMode": "GRAPPA",
	"PercentPhaseFOV": 62.5,
	"PercentSampling": 96,
	"PhaseEncodingSteps": 230,
	"AcquisitionMatrixPE": 230,
	"ReconMatrixPE": 251,
	"ParallelReductionFactorInPlane": 2,
	"PixelBandwidth": 169,
	"DwellTime": 7.7e-06,
	"ImageOrientationPatientDICOM": [
		0,
		1,
		0,
		0,
		0,
		-1	],
	"ImageOrientationText": "Sag",
	"InPlanePhaseEncodingDirectionDICOM": "ROW",
	"ConversionSoftware": "dcm2niix",
	"ConversionSoftwareVersion": "v1.0.20211006"
}
