{
	"Modality": "MR",
	"MagneticFieldStrength": 3,
	"ImagingFrequency": 123.25,
	"Manufacturer": "Siemens",
	"ManufacturersModelName": "TrioTim",
	"InstitutionName": "IUGM",
	"InstitutionalDepartmentName": "Department",
	"InstitutionAddress": "Chemin Queen-Mary 4565,Montreal,District,CA,H3W 1W5",
	"DeviceSerialNumber": "35049",
	"StationName": "MRC35049",
	"PatientPosition": "HFS",
	"ProcedureStepDescription": "Development^jcohen",
	"SoftwareVersions": "syngo MR B17",
	"MRAcquisitionType": "3D",
	"SeriesDescription": "SPINE_T2",
	"ProtocolName": "SPINE",
	"ScanningSequence": "SE",
	"SequenceVariant": "SK\\SP\\OSP",
	"ScanOptions": "PFP",
	"SequenceName": "*spc3d1_57",
	"ImageType": ["DERIVED", "SECONDARY", "M", "DIS2D", "NORM", "COMP", "SP", "COMPOSED"],
	"RawImage": false,
	"SeriesNumber": 28,
	"AcquisitionTime": "11:18:1.242500",
	"AcquisitionNumber": 1,
	"ImageComments": "Insufficient match!",
	"SliceThickness": 1,
	"SAR": 1.11242,
	"NumberOfAverages": 2,
	"EchoTime": 0.142,
	"RepetitionTime": 1,
	"SpoilingState": true,
	"FlipAngle": 140,
	"AveragesDouble": 1.4,
	"PartialFourier": 1,
	"BaseResolution": 384,
	"ShimSetting": [
		-1925,
		-14888,
		-16500,
		18,
		-20,
		20,
		15,
		21	],
	"TxRefAmp": 360.747,
	"PhaseResolution": 0.981481,
	"PhaseOversampling": 0.5,
	"ReceiveCoilName": "SpineMatrix",
	"CoilString": "T:HEA;HEP;NE1,2;SP1-3",
	"PulseSequenceDetails": "%SiemensSeq%\\tse_vfl",
	"RefLinesPE": 24,
	"CoilCombinationMethod": "Adaptive Combine",
	"MatrixCoilMode": "GRAPPA",
	"PercentPhaseFOV": 56.25,
	"PercentSampling": 98.1481,
	"EchoTrainLength": 57,
	"PhaseEncodingSteps": 270,
	"AcquisitionMatrixPE": 212,
	"ReconMatrixPE": 227,
	"ParallelReductionFactorInPlane": 2,
	"PixelBandwidth": 814,
	"DwellTime": 1.6e-06,
	"PhaseEncodingDirection": "i",
	"ImageOrientationPatientDICOM": [
		0,
		1,
		0,
		0,
		0,
		-1	],
	"ImageOrientationText": "Sag",
	"InPlanePhaseEncodingDirectionDICOM": "ROW",
	"ConversionSoftware": "dcm2niix",
	"ConversionSoftwareVersion": "v1.0.20211006"
}
